GIT
  remote: git://github.com/sam-github/vpim.git
  revision: 6753a367cda64e53eab745414cedc130d2f149c8
  specs:
    vpim (12.1.12)

GEM
  specs:
    active_support (3.0.0)
      activesupport (= 3.0.0)
    activesupport (3.0.0)
    colored (1.2)
    rugged (0.17.0.b7)

PLATFORMS
  ruby

DEPENDENCIES
  active_support
  colored (~> 1.2)
  rugged (= 0.17.0.b7)
  vpim (= 12.1.12)!
