GIT
  remote: git://github.com/sam-github/vpim.git
  revision: 6753a367cda64e53eab745414cedc130d2f149c8
  specs:
    vpim (12.1.12)

GEM
  remote: https://rubygems.org/
  specs:
    diff-lcs (1.1.3)
    fakefs (0.4.1)
    inifile (2.0.2)
    rake (10.0.1)
    rspec (2.12.0)
      rspec-core (~> 2.12.0)
      rspec-expectations (~> 2.12.0)
      rspec-mocks (~> 2.12.0)
    rspec-core (2.12.0)
    rspec-expectations (2.12.0)
      diff-lcs (~> 1.1.3)
    rspec-mocks (2.12.0)
    rugged (0.17.0.b6)

PLATFORMS
  ruby

DEPENDENCIES
  fakefs
  inifile (= 2.0.2)
  rake
  rspec
  rugged (= 0.17.0.b6)
  vpim (= 12.1.12)!
